PATH
  remote: .
  specs:
    rspec-bdd-style (1.0.2)

GEM
  remote: https://rubygems.org/
  specs:

PLATFORMS
  arm64-darwin-22

DEPENDENCIES
  rspec-bdd-style!

BUNDLED WITH
   2.4.21
